GEM
  remote: https://rubygems.org/
  specs:
    colored (1.2)
    diff-lcs (1.3)
    git-up (0.5.12)
      colored (>= 1.2)
      grit
    grit (2.5.0)
      diff-lcs (~> 1.1)
      mime-types (~> 1.15)
      posix-spawn (~> 0.3.6)
    mime-types (1.25.1)
    posix-spawn (0.3.13)
    rake (13.0.1)
    sass (3.4.21)

PLATFORMS
  ruby

DEPENDENCIES
  bundler
  git-up
  rake
  sass (= 3.4.21)

BUNDLED WITH
   2.1.4
